PATH
  remote: .
  specs:
    statsample-bivariate-extension (1.1.0)
      daru
      statsample

PATH
  remote: /home/sameer/gitrepos/daru
  specs:
    daru (0.0.5)
      reportbuilder (~> 1.4)
      spreadsheet (~> 1.0.3)

PATH
  remote: /home/sameer/gitrepos/statsample
  specs:
    statsample (1.4.3)
      awesome_print (~> 1.6)
      dirty-memoize (~> 0.0.4)
      distribution (~> 0.7)
      extendmatrix (~> 0.4)
      minimization (~> 0.2)
      reportbuilder (~> 1.4)
      rserve-client (~> 0.3)
      rubyvis (~> 0.6.1)
      spreadsheet (~> 1.0.3)

GEM
  remote: https://rubygems.org/
  specs:
    awesome_print (1.6.1)
    backports (3.6.4)
    clbustos-rtf (0.4.2)
    diff-lcs (1.2.5)
    dirty-memoize (0.0.4)
    distribution (0.7.3)
    extendmatrix (0.4)
    gsl-nmatrix (1.17)
      nmatrix (>= 0.1.0)
    minimization (0.2.3)
      text-table (~> 1.2)
    nmatrix (0.1.0)
      packable (~> 1.3, >= 1.3.5)
    packable (1.3.6)
      backports
    prawn (0.8.4)
      prawn-core (>= 0.8.4, < 0.9)
      prawn-layout (>= 0.8.4, < 0.9)
      prawn-security (>= 0.8.4, < 0.9)
    prawn-core (0.8.4)
    prawn-layout (0.8.4)
    prawn-security (0.8.4)
    prawn-svg (0.9.1.11)
      prawn (>= 0.8.4)
    rake (10.4.2)
    reportbuilder (1.4.2)
      clbustos-rtf (~> 0.4.0)
      prawn (~> 0.8.4)
      prawn-svg (~> 0.9.1)
      text-table (~> 1.2)
    rserve-client (0.3.1)
    rspec (3.2.0)
      rspec-core (~> 3.2.0)
      rspec-expectations (~> 3.2.0)
      rspec-mocks (~> 3.2.0)
    rspec-core (3.2.3)
      rspec-support (~> 3.2.0)
    rspec-expectations (3.2.1)
      diff-lcs (>= 1.2.0, < 2.0)
      rspec-support (~> 3.2.0)
    rspec-mocks (3.2.1)
      diff-lcs (>= 1.2.0, < 2.0)
      rspec-support (~> 3.2.0)
    rspec-support (3.2.2)
    ruby-ole (1.2.11.8)
    rubyvis (0.6.1)
    spreadsheet (1.0.3)
      ruby-ole (>= 1.0)
    text-table (1.2.4)

PLATFORMS
  ruby

DEPENDENCIES
  bundler (~> 1.10)
  daru!
  gsl-nmatrix
  rake
  rspec
  statsample!
  statsample-bivariate-extension!

BUNDLED WITH
   1.10.0
